GEM
  remote: https://rubygems.org/
  specs:
    coderay (1.1.3)
    json (2.5.1)
    linesetter (0.1.0)
    method_source (1.0.0)
    nokogiri (1.11.2-x86_64-darwin)
      racc (~> 1.4)
    open-uri (0.1.0)
    openssl (2.2.0)
    pry (0.14.0)
      coderay (~> 1.1)
      method_source (~> 1.0)
    racc (1.5.2)
    uri (0.10.1)

PLATFORMS
  x86_64-darwin-20

DEPENDENCIES
  json
  linesetter
  nokogiri
  open-uri
  openssl
  pry
  uri

BUNDLED WITH
   2.2.11
